GEM
  remote: https://rubygems.org/
  remote: https://rails-assets.org/
  specs:
    os (1.1.4)

PLATFORMS
  x86_64-linux

DEPENDENCIES
  os

BUNDLED WITH
   2.4.19
